PATH
  remote: .
  specs:
    lucene (0.5.0)

GEM
  remote: http://rubygems.org/
  specs:
    diff-lcs (1.1.2)
    horo (1.0.2)
      rdoc (~> 2.5)
    rake (0.8.7)
    rdoc (2.5.11)
    rspec (2.0.1)
      rspec-core (~> 2.0.1)
      rspec-expectations (~> 2.0.1)
      rspec-mocks (~> 2.0.1)
    rspec-core (2.0.1)
    rspec-expectations (2.0.1)
      diff-lcs (>= 1.1.2)
    rspec-mocks (2.0.1)
      rspec-core (~> 2.0.1)
      rspec-expectations (~> 2.0.1)

PLATFORMS
  java

DEPENDENCIES
  horo (>= 1.0.2)
  lucene!
  rake (>= 0.8.7)
  rdoc (>= 2.5.10)
  rspec (>= 2.0.0)
